GEM
  remote: https://rubygems.org/
  specs:
    diff-lcs (1.5.1)
    haml (6.3.0)
      temple (>= 0.8.2)
      thor
      tilt
    rspec (3.13.0)
      rspec-core (~> 3.13.0)
      rspec-expectations (~> 3.13.0)
      rspec-mocks (~> 3.13.0)
    rspec-core (3.13.3)
      rspec-support (~> 3.13.0)
    rspec-expectations (3.13.3)
      diff-lcs (>= 1.2.0, < 2.0)
      rspec-support (~> 3.13.0)
    rspec-mocks (3.13.2)
      diff-lcs (>= 1.2.0, < 2.0)
      rspec-support (~> 3.13.0)
    rspec-support (3.13.2)
    temple (0.10.3)
    thor (1.3.2)
    tilt (2.6.0)

PLATFORMS
  arm64-darwin-22
  ruby

DEPENDENCIES
  haml
  rspec

RUBY VERSION
   ruby 3.3.6p108

BUNDLED WITH
   2.5.23
